GEM
  remote: https://rubygems.org/
  specs:
    gepub (1.0.11)
      nokogiri (>= 1.8.2, < 1.11)
      rubyzip (> 1.1.1, < 2.3)
    mini_portile2 (2.4.0)
    nokogiri (1.10.9)
      mini_portile2 (~> 2.4.0)
    rubyzip (2.2.0)

PLATFORMS
  ruby

DEPENDENCIES
  gepub
  nokogiri

BUNDLED WITH
   2.1.4
